GEM
  remote: https://rubygems.org/
  specs:
    rake (10.4.2)
    unicode_utils (1.4.0)

PLATFORMS
  ruby

DEPENDENCIES
  rake
  unicode_utils
